GEM
  remote: https://rubygems.org/
  specs:
    RedCloth (4.2.3)
    actionmailer (3.2.17)
      actionpack (= 3.2.17)
      mail (~> 2.5.4)
    actionpack (3.2.17)
      activemodel (= 3.2.17)
      activesupport (= 3.2.17)
      builder (~> 3.0.0)
      erubis (~> 2.7.0)
      journey (~> 1.0.4)
      rack (~> 1.4.5)
      rack-cache (~> 1.2)
      rack-test (~> 0.6.1)
      sprockets (~> 2.2.1)
    activemodel (3.2.17)
      activesupport (= 3.2.17)
      builder (~> 3.0.0)
    activerecord (3.2.17)
      activemodel (= 3.2.17)
      activesupport (= 3.2.17)
      arel (~> 3.0.2)
      tzinfo (~> 0.3.29)
    activeresource (3.2.17)
      activemodel (= 3.2.17)
      activesupport (= 3.2.17)
    activesupport (3.2.17)
      i18n (~> 0.6, >= 0.6.4)
      multi_json (~> 1.0)
    acts_as_list (0.1.2)
    arel (3.0.3)
    authlogic (2.1.3)
      activesupport
    authlogic_rpx (1.1.1)
      authlogic (>= 2.1.3)
      rpx_now (>= 0.6.12)
    builder (3.0.4)
    concurrent-ruby (1.1.10)
    erubis (2.7.0)
    escape (0.0.4)
    forgery (0.3.4)
    haml (2.2.17)
    has_many_polymorphs (2.13)
      activerecord
    hassle (0.0.1)
      haml
      rack
    hike (1.2.3)
    hoptoad_notifier (2.3.6)
      activesupport
    hpricot (0.8.2)
    i18n (0.9.5)
      concurrent-ruby (~> 1.0)
    journey (1.0.4)
    json (1.2.0)
    json_pure (1.4.6)
    machinist (1.0.6)
    mail (2.5.5)
      mime-types (~> 1.16)
      treetop (~> 1.4.8)
    mime-types (1.25.1)
    multi_json (1.15.0)
    polyglot (0.3.5)
    rack (1.4.7)
    rack-cache (1.13.0)
      rack (>= 0.4)
    rack-ssl (1.3.4)
      rack
    rack-test (0.6.3)
      rack (>= 1.0)
    rails (3.2.17)
      actionmailer (= 3.2.17)
      actionpack (= 3.2.17)
      activerecord (= 3.2.17)
      activeresource (= 3.2.17)
      activesupport (= 3.2.17)
      bundler (~> 1.0)
      railties (= 3.2.17)
    railties (3.2.17)
      actionpack (= 3.2.17)
      activesupport (= 3.2.17)
      rack-ssl (~> 1.3.2)
      rake (>= 0.8.7)
      rdoc (~> 3.4)
      thor (>= 0.14.6, < 2.0)
    rake (13.0.6)
    rdoc (3.9.5)
    refraction (0.2.0)
    rpx_now (0.6.12)
      json_pure
    rsolr (0.12.1)
      builder (>= 2.1.2)
    sprockets (2.2.3)
      hike (~> 1.2)
      multi_json (~> 1.0)
      rack (~> 1.0)
      tilt (~> 1.1, != 1.3.0)
    sunspot (1.1.0)
      escape (= 0.0.4)
      rsolr (= 0.12.1)
    sunspot_rails (1.1.0)
      sunspot (= 1.1.0)
    thor (1.2.1)
    tilt (1.4.1)
    treetop (1.4.15)
      polyglot
      polyglot (>= 0.3.1)
    tzinfo (0.3.60)
    websolr-rails (2.4.0)
    websolr-sunspot_rails (1.1.0.5)
      json
      sunspot_rails (= 1.1.0)
    will_paginate (2.3.12)

PLATFORMS
  ruby

DEPENDENCIES
  RedCloth (= 4.2.3)
  acts_as_list (= 0.1.2)
  authlogic (= 2.1.3)
  authlogic_rpx (= 1.1.1)
  forgery
  haml (~> 2.2.17)
  has_many_polymorphs (= 2.13)
  hassle (= 0.0.1)
  hoptoad_notifier
  hpricot (= 0.8.2)
  json (= 1.2.0)
  machinist (~> 1.0.6)
  rails (= 3.2.17)
  refraction (= 0.2.0)
  rpx_now (~> 0.6.12)
  sunspot (= 1.1.0)
  sunspot_rails (= 1.1.0)
  websolr-rails (= 2.4.0)
  websolr-sunspot_rails (= 1.1.0.5)
  will_paginate (= 2.3.12)
