GEM
  remote: https://rubygems.org/
  specs:
    RedCloth (4.2.3)
    actionmailer (2.3.8)
      actionpack (= 2.3.8)
    actionpack (2.3.8)
      activesupport (= 2.3.8)
      rack (~> 1.1.0)
    activerecord (2.3.8)
      activesupport (= 2.3.8)
    activeresource (2.3.8)
      activesupport (= 2.3.8)
    activesupport (2.3.8)
    acts_as_list (0.1.2)
    authlogic (2.1.3)
      activesupport
    authlogic_rpx (1.1.1)
      authlogic (>= 2.1.3)
      rpx_now (>= 0.6.12)
    builder (2.1.2)
    escape (0.0.4)
    forgery (0.3.4)
    haml (5.0.0)
      temple (>= 0.8.0)
      tilt
    has_many_polymorphs (2.13)
      activerecord
    hassle (0.0.1)
      haml
      rack
    hoptoad_notifier (2.3.6)
      activesupport
    hpricot (0.8.2)
    json (1.2.0)
    json_pure (1.4.6)
    machinist (1.0.6)
    rack (1.1.0)
    rails (2.3.8)
      actionmailer (= 2.3.8)
      actionpack (= 2.3.8)
      activerecord (= 2.3.8)
      activeresource (= 2.3.8)
      activesupport (= 2.3.8)
      rake (>= 0.8.3)
    rake (0.8.7)
    refraction (0.2.0)
    rpx_now (0.6.12)
      json_pure
    rsolr (0.12.1)
      builder (>= 2.1.2)
    sunspot (1.1.0)
      escape (= 0.0.4)
      rsolr (= 0.12.1)
    sunspot_rails (1.1.0)
      sunspot (= 1.1.0)
    temple (0.8.2)
    tilt (2.0.10)
    websolr-rails (2.4.0)
    websolr-sunspot_rails (1.1.0.5)
      json
      sunspot_rails (= 1.1.0)
    will_paginate (2.3.12)

PLATFORMS
  ruby

DEPENDENCIES
  RedCloth (= 4.2.3)
  acts_as_list (= 0.1.2)
  authlogic (= 2.1.3)
  authlogic_rpx (= 1.1.1)
  forgery
  haml (~> 5.0.0)
  has_many_polymorphs (= 2.13)
  hassle (= 0.0.1)
  hoptoad_notifier
  hpricot (= 0.8.2)
  json (= 1.2.0)
  machinist (~> 1.0.6)
  rails (= 2.3.8)
  refraction (= 0.2.0)
  rpx_now (~> 0.6.12)
  sunspot (= 1.1.0)
  sunspot_rails (= 1.1.0)
  websolr-rails (= 2.4.0)
  websolr-sunspot_rails (= 1.1.0.5)
  will_paginate (= 2.3.12)
